PATH
  remote: .
  specs:
    capybara-webview (0.1.0)
      capybara (>= 3.39)
      webview_ruby (~> 0.1.1)

GEM
  remote: https://rubygems.org/
  specs:
    addressable (2.8.5)
      public_suffix (>= 2.0.2, < 6.0)
    capybara (3.39.2)
      addressable
      matrix
      mini_mime (>= 0.1.3)
      nokogiri (~> 1.8)
      rack (>= 1.6.0)
      rack-test (>= 0.6.3)
      regexp_parser (>= 1.5, < 3.0)
      xpath (~> 3.2)
    ffi (1.15.5)
    ffi-compiler (1.0.1)
      ffi (>= 1.0.0)
      rake
    matrix (0.4.2)
    mini_mime (1.1.5)
    minitest (5.19.0)
    minitest-parallel_fork (1.3.0)
      minitest (>= 5.15.0)
    nokogiri (1.15.4-x86_64-darwin)
      racc (~> 1.4)
    public_suffix (5.0.3)
    racc (1.7.1)
    rack (3.0.8)
    rack-test (2.1.0)
      rack (>= 1.3)
    rake (13.0.6)
    regexp_parser (2.8.1)
    webview_ruby (0.1.2)
      ffi
      ffi-compiler
      rake
    xpath (3.2.0)
      nokogiri (~> 1.8)

PLATFORMS
  x86_64-darwin-22

DEPENDENCIES
  capybara-webview!
  minitest (~> 5.0)
  minitest-parallel_fork (~> 1.3.0)
  rake (~> 13.0)

BUNDLED WITH
   2.4.14
